GEM
  remote: https://rubygems.org/
  specs:
    aws-sdk (2.2.8)
      aws-sdk-resources (= 2.2.8)
    aws-sdk-core (2.2.8)
      jmespath (~> 1.0)
    aws-sdk-resources (2.2.8)
      aws-sdk-core (= 2.2.8)
    dotenv (2.0.2)
    foreman (0.78.0)
      thor (~> 0.19.1)
    jmespath (1.1.3)
    puma (2.15.3)
    rack (1.6.10)
    rack-protection (1.5.5)
      rack
    rack-ssl-enforcer (0.2.9)
    sinatra (1.4.6)
      rack (~> 1.4)
      rack-protection (~> 1.4)
      tilt (>= 1.3, < 3)
    thor (0.19.1)
    tilt (2.0.1)

PLATFORMS
  ruby

DEPENDENCIES
  aws-sdk (~> 2.2.8)
  dotenv (~> 2.0.2)
  foreman (~> 0.78.0)
  puma (~> 2.15.3)
  rack-ssl-enforcer
  sinatra (~> 1.4.6)

RUBY VERSION
   ruby 2.5.1p57

BUNDLED WITH
   1.16.1
